GEM
  remote: https://rubygems.org/
    nokogiri (1.12.5)
      mini_portile2 (~> 2.6.1)
      racc (~>1.4)
    docile (1.3.5)
