GEM
  remote: https://rubygems.org/
  specs:
    mini_portile2 (2.6.1)
    nokogiri (1.12.5)
      mini_portile2 (~> 2.6.1)
      racc (~> 1.4)
    racc (1.6.0)
    uk_phone_numbers (0.1.0)

PLATFORMS
  ruby

DEPENDENCIES
  nokogiri
  uk_phone_numbers (~> 0.1.0)

BUNDLED WITH
   1.17.3
