GEM
  remote: https://rubygems.org/
  specs:
    business (1.0.0)
    uk_phone_numbers (0.1.0)
    nokogiri (1.12.3)
      mini_portile2 (~> 2.6.1)
      racc (~>1.4)
    docile (1.3.5)
     
PLATFORMS
  ruby

DEPENDENCIES
  business (~> 1.0.0)
  uk_phone_numbers (~> 0.1.0)

BUNDLED WITH
   1.17.3
